GEM
  remote: https://rubygems.org/
  specs:
    highline (1.6.18)
    progressbar (0.20.0)

PLATFORMS
  ruby

DEPENDENCIES
  highline (~> 1.6.15)
  progressbar
